GEM
  remote: https://rubygems.org/
  specs:
    coderay (1.1.3)
    diff-lcs (1.5.0)
    mustermann (3.0.0)
      ruby2_keywords (~> 0.0.1)
    rack (2.2.4)
    rack-protection (3.0.1)
      rack
    rack-test (2.0.2)
      rack (>= 1.3)
    rspec (3.11.0)
      rspec-core (~> 3.11.0)
      rspec-expectations (~> 3.11.0)
      rspec-mocks (~> 3.11.0)
    rspec-core (3.11.0)
      rspec-support (~> 3.11.0)
    rspec-expectations (3.11.1)
      diff-lcs (>= 1.2.0, < 2.0)
      rspec-support (~> 3.11.0)
    rspec-mocks (3.11.1)
      diff-lcs (>= 1.2.0, < 2.0)
      rspec-support (~> 3.11.0)
    rspec-support (3.11.1)
    ruby2_keywords (0.0.5)
    sequel (5.60.1)
    sinatra (3.0.1)
      mustermann (~> 3.0)
      rack (~> 2.2, >= 2.2.4)
      rack-protection (= 3.0.1)
      tilt (~> 2.0)
    sqlite3 (1.5.0-x86_64-darwin)
    tilt (2.0.11)

PLATFORMS
  x86_64-darwin-21

DEPENDENCIES
  coderay (~> 1.1, >= 1.1.3)
  rack-test (~> 2.0, >= 2.0.2)
  rspec (~> 3.10)
  sequel (~> 5.60, >= 5.60.1)
  sinatra (~> 3.0, >= 3.0.1)
  sqlite3 (~> 1.5)

BUNDLED WITH
   2.3.22
